GIT
  remote: https://github.com/everypolitician/jekyll-search
  revision: 29b1baca590b60d436e63f17aab026b3de4a5f7d
  branch: master
  specs:
    jekyll-search (0.1.0)
      jekyll (>= 3)

GEM
  remote: https://rubygems.org/
  specs:
    chunky_png (1.3.5)
    colorator (0.1)
    compass (1.0.3)
      chunky_png (~> 1.2)
      compass-core (~> 1.0.2)
      compass-import-once (~> 1.0.5)
      rb-fsevent (>= 0.9.3)
      rb-inotify (>= 0.9)
      sass (>= 3.3.13, < 3.5)
    compass-core (1.0.3)
      multi_json (~> 1.0)
      sass (>= 3.3.0, < 3.5)
    compass-import-once (1.0.5)
      sass (>= 3.2, < 3.5)
    ffi (1.9.10)
    jekyll (3.1.2)
      colorator (~> 0.1)
      jekyll-sass-converter (~> 1.0)
      jekyll-watch (~> 1.1)
      kramdown (~> 1.3)
      liquid (~> 3.0)
      mercenary (~> 0.3.3)
      rouge (~> 1.7)
      safe_yaml (~> 1.0)
    jekyll-compass (2.0.1)
      compass (~> 1.0)
      jekyll (~> 3.0)
    jekyll-everypolitician (0.7.0)
      jekyll (>= 3)
    jekyll-facebook_comments (0.1.0)
      liquid (>= 3)
    jekyll-google_analytics (0.1.0)
      jekyll (>= 3)
    jekyll-remote_csv (0.1.0)
      jekyll (>= 3)
    jekyll-sass-converter (1.4.0)
      sass (~> 3.4)
    jekyll-watch (1.3.1)
      listen (~> 3.0)
    kramdown (1.10.0)
    liquid (3.0.6)
    listen (3.0.6)
      rb-fsevent (>= 0.9.3)
      rb-inotify (>= 0.9.7)
    mercenary (0.3.5)
    multi_json (1.11.2)
    puma (3.1.0)
    rack (1.6.4)
    rack-jekyll (0.4.5)
      jekyll (>= 1.3)
      listen (>= 1.3)
      rack (~> 1.5)
    rb-fsevent (0.9.7)
    rb-inotify (0.9.7)
      ffi (>= 0.5.0)
    rouge (1.10.1)
    safe_yaml (1.0.4)
    sass (3.4.21)

PLATFORMS
  ruby

DEPENDENCIES
  jekyll
  jekyll-compass
  jekyll-everypolitician
  jekyll-facebook_comments
  jekyll-google_analytics
  jekyll-remote_csv
  jekyll-search!
  puma
  rack-jekyll
